PATH
  remote: .
  specs:
    syntax_tree-tailwindcss (0.1.0)
      syntax_tree

GEM
  remote: https://rubygems.org/
  specs:
    haml (6.3.0)
      temple (>= 0.8.2)
      thor
      tilt
    minitest (5.24.1)
    prettier_print (1.2.1)
    rake (13.2.1)
    syntax_tree (6.2.0)
      prettier_print (>= 1.2.0)
    syntax_tree-haml (4.0.3)
      haml (>= 5.2)
      prettier_print (>= 1.2.1)
      syntax_tree (>= 6.0.0)
    temple (0.10.3)
    thor (1.3.1)
    tilt (2.4.0)
    w_syntax_tree-erb (0.12.0)
      prettier_print (~> 1.2, >= 1.2.0)
      syntax_tree (~> 6.1, >= 6.1.1)

PLATFORMS
  arm64-darwin-23
  ruby

DEPENDENCIES
  minitest (~> 5.16)
  rake (~> 13.0)
  syntax_tree-haml
  syntax_tree-tailwindcss!
  w_syntax_tree-erb

BUNDLED WITH
   2.5.14
