PATH
  remote: .
  specs:
    syntax_tree-tailwindcss (0.1.0)
      syntax_tree

GEM
  remote: https://rubygems.org/
  specs:
    ast (2.4.2)
    haml (6.3.0)
      temple (>= 0.8.2)
      thor
      tilt
    json (2.6.3)
    language_server-protocol (3.17.0.3)
    minitest (5.24.1)
    parallel (1.24.0)
    parser (3.3.4.0)
      ast (~> 2.4.1)
      racc
    prettier_print (1.2.1)
    racc (1.7.3)
    rainbow (3.1.1)
    rake (13.2.1)
    regexp_parser (2.9.0)
    rexml (3.2.6)
    rubocop (1.64.1)
      json (~> 2.3)
      language_server-protocol (>= 3.17.0)
      parallel (~> 1.10)
      parser (>= 3.3.0.2)
      rainbow (>= 2.2.2, < 4.0)
      regexp_parser (>= 1.8, < 3.0)
      rexml (>= 3.2.5, < 4.0)
      rubocop-ast (>= 1.31.1, < 2.0)
      ruby-progressbar (~> 1.7)
      unicode-display_width (>= 2.4.0, < 3.0)
    rubocop-ast (1.31.3)
      parser (>= 3.3.1.0)
    ruby-progressbar (1.13.0)
    syntax_tree (6.2.0)
      prettier_print (>= 1.2.0)
    syntax_tree-haml (4.0.3)
      haml (>= 5.2)
      prettier_print (>= 1.2.1)
      syntax_tree (>= 6.0.0)
    temple (0.10.3)
    thor (1.3.1)
    tilt (2.4.0)
    unicode-display_width (2.5.0)
    w_syntax_tree-erb (0.12.0)
      prettier_print (~> 1.2, >= 1.2.0)
      syntax_tree (~> 6.1, >= 6.1.1)

PLATFORMS
  arm64-darwin-23
  ruby

DEPENDENCIES
  minitest (~> 5.16)
  rake (~> 13.0)
  rubocop
  syntax_tree-haml
  syntax_tree-tailwindcss!
  w_syntax_tree-erb

BUNDLED WITH
   2.5.14
