PATH
  remote: .
  specs:
    syntax_tree-tailwindcss (0.1.0)
      syntax_tree

GEM
  remote: https://rubygems.org/
  specs:
    minitest (5.24.1)
    prettier_print (1.2.1)
    rake (13.2.1)
    syntax_tree (6.2.0)
      prettier_print (>= 1.2.0)

PLATFORMS
  arm64-darwin-23
  ruby

DEPENDENCIES
  minitest (~> 5.16)
  rake (~> 13.0)
  syntax_tree-tailwindcss!

BUNDLED WITH
   2.5.14
